GEM
  remote: https://rubygems.org/
  specs:
    awesome_print (1.7.0)
    filewatcher (0.5.4)
      trollop (~> 2.0)
    haml (4.0.7)
      tilt
    sass (3.4.23)
    tilt (2.0.6)
    trollop (2.1.2)

PLATFORMS
  ruby

DEPENDENCIES
  awesome_print
  filewatcher
  haml
  sass

BUNDLED WITH
   1.13.6
